PATH
  remote: .
  specs:
    codeclimate (0.67.0)
      activesupport (>= 4.2.1, < 5.2)
      codeclimate-yaml (~> 0.13.0)
      highline (~> 1.7, >= 1.7.2)
      posix-spawn (~> 0.3, >= 0.3.11)
      rainbow (~> 2.0, >= 2.0.0)
      redcarpet (~> 3.2)
      safe_yaml (~> 1.0)
      tty-spinner (~> 0.1.0)
      uuid (~> 2.3)

GEM
  remote: https://rubygems.org/
  specs:
    activesupport (5.1.7)
      concurrent-ruby (~> 1.0, >= 1.0.2)
      i18n (>= 0.7, < 2)
      minitest (~> 5.1)
      tzinfo (~> 1.1)
    builder (3.2.3)
    codeclimate-test-reporter (1.0.6)
      simplecov
    codeclimate-yaml (0.13.0)
      activesupport
      secure_string
    concurrent-ruby (1.1.5)
    diff-lcs (1.3)
    docile (1.1.5)
    highline (1.7.10)
    i18n (1.5.1)
      concurrent-ruby (~> 1.0)
    json (2.0.3)
    macaddr (1.7.2)
      systemu (~> 2.6.5)
    minitest (5.12.2)
    posix-spawn (0.3.13)
    rainbow (2.2.2)
      rake
    rake (13.0.6)
    redcarpet (3.5.0)
    rspec (3.5.0)
      rspec-core (~> 3.5.0)
      rspec-expectations (~> 3.5.0)
      rspec-mocks (~> 3.5.0)
    rspec-core (3.5.4)
      rspec-support (~> 3.5.0)
    rspec-expectations (3.5.0)
      diff-lcs (>= 1.2.0, < 2.0)
      rspec-support (~> 3.5.0)
    rspec-mocks (3.5.0)
      diff-lcs (>= 1.2.0, < 2.0)
      rspec-support (~> 3.5.0)
    rspec-support (3.5.0)
    rspec_junit_formatter (0.2.3)
      builder (< 4)
      rspec-core (>= 2, < 4, != 2.12.0)
    safe_yaml (1.0.5)
    secure_string (1.3.3)
    simplecov (0.13.0)
      docile (~> 1.1.0)
      json (>= 1.8, < 3)
      simplecov-html (~> 0.10.0)
    simplecov-html (0.10.0)
    systemu (2.6.5)
    thread_safe (0.3.6)
    tty-spinner (0.1.0)
    tzinfo (1.2.5)
      thread_safe (~> 0.1)
    uuid (2.3.9)
      macaddr (~> 1.0)

PLATFORMS
  ruby

DEPENDENCIES
  codeclimate!
  codeclimate-test-reporter (~> 1.0.0)
  rake
  rspec
  rspec_junit_formatter
  simplecov

BUNDLED WITH
   2.1.4
